PATH
  remote: .
  specs:
    salesforce (0.1.0)

GEM
  remote: https://rubygems.org/
  specs:
    rake (13.0.6)

PLATFORMS
  x86_64-linux

DEPENDENCIES
  rake (~> 13.0)
  salesforce!

BUNDLED WITH
   2.3.7
