PATH
  remote: .
  specs:
    salesforce (0.1.20)

GEM
  remote: https://rubygems.org/
  specs:
    activesupport (5.2.8)
      concurrent-ruby (~> 1.0, >= 1.0.2)
      i18n (>= 0.7, < 2)
      minitest (~> 5.1)
      tzinfo (~> 1.1)
    concurrent-ruby (1.1.10)
    i18n (1.10.0)
      concurrent-ruby (~> 1.0)
    json (2.6.2)
    minitest (5.16.0)
    rake (13.0.6)
    thread_safe (0.3.6)
    tzinfo (1.2.9)
      thread_safe (~> 0.1)

PLATFORMS
  x86_64-linux

DEPENDENCIES
  activesupport (~> 5.0, >= 5.0.0.1)
  json (~> 2.6, >= 2.6.2)
  rake (~> 13.0)
  salesforce!

BUNDLED WITH
   2.3.7
