PATH
  remote: .
  specs:
    salesforce (0.1.14)

GEM
  remote: https://rubygems.org/
  specs:
    json (2.6.2)
    rake (13.0.6)

PLATFORMS
  x86_64-linux

DEPENDENCIES
  json (~> 2.6, >= 2.6.2)
  rake (~> 13.0)
  salesforce!

BUNDLED WITH
   2.3.7
